GEM
  remote: https://rubygems.org/
  specs:
    minitest (5.11.3)
    ruby2d (0.9.2)

PLATFORMS
  ruby

DEPENDENCIES
  minitest
  ruby2d (~> 0.9.2)

BUNDLED WITH
   1.17.2
